GEM
  remote: http://rubygems.org/
  specs:
    activemodel (6.0.1)
      activesupport (= 6.0.1)
    activesupport (6.0.1)
      concurrent-ruby (~> 1.0, >= 1.0.2)
      i18n (>= 0.7, < 2)
      minitest (~> 5.1)
      tzinfo (~> 1.1)
      zeitwerk (~> 2.2)
    bson (4.6.0)
    bson_ext (1.0.4)
    concurrent-ruby (1.1.5)
    haml (3.0.16)
    i18n (1.7.0)
      concurrent-ruby (~> 1.0)
    mail (2.7.1)
      mini_mime (>= 0.1.1)
    mini_mime (1.0.2)
    minitest (5.13.0)
    mongo (2.11.1)
      bson (>= 4.6.0, < 5.0.0)
    mongo_ext (0.19.3)
    mongoid (7.0.5)
      activemodel (>= 5.1, < 6.1)
      mongo (>= 2.5.1, < 3.0.0)
    mustermann (1.0.3)
    rack (2.0.7)
    rack-protection (2.0.7)
      rack
    sinatra (2.0.7)
      mustermann (~> 1.0)
      rack (~> 2.0)
      rack-protection (= 2.0.7)
      tilt (~> 2.0)
    sinatra-mongoid (0.0.2)
      mongo_ext
      mongoid
      sinatra
    thread_safe (0.3.6)
    tilt (2.0.10)
    tzinfo (1.2.5)
      thread_safe (~> 0.1)
    zeitwerk (2.2.2)

PLATFORMS
  ruby

DEPENDENCIES
  bson_ext
  haml
  mail (>= 2.2.5)
  mongoid (>= 1.9.1)
  sinatra
  sinatra-mongoid (>= 0.0.2)

BUNDLED WITH
   1.17.3
