GEM
  remote: http://rubygems.org/
  specs:
    activemodel (5.2.4.2)
      activesupport (= 5.2.4.2)
    activesupport (5.2.4.2)
      concurrent-ruby (~> 1.0, >= 1.0.2)
      i18n (>= 0.7, < 2)
      minitest (~> 5.1)
      tzinfo (~> 1.1)
    bson (4.8.2)
    bson_ext (1.0.4)
    concurrent-ruby (1.1.6)
    haml (3.0.16)
    i18n (1.8.2)
      concurrent-ruby (~> 1.0)
    mail (2.2.5)
      activesupport (>= 2.3.6)
      mime-types
      treetop (>= 1.4.5)
    mime-types (1.16)
    minitest (5.14.0)
    mongo (2.12.1)
      bson (>= 4.8.2, < 5.0.0)
    mongo_ext (0.19.3)
    mongoid (7.1.1)
      activemodel (>= 5.1, < 6.1)
      mongo (>= 2.7.0, < 3.0.0)
    mustermann (1.1.1)
      ruby2_keywords (~> 0.0.1)
    polyglot (0.3.1)
    rack (2.2.2)
    rack-protection (2.0.8.1)
      rack
    ruby2_keywords (0.0.2)
    sinatra (2.0.8.1)
      mustermann (~> 1.0)
      rack (~> 2.0)
      rack-protection (= 2.0.8.1)
      tilt (~> 2.0)
    sinatra-mongoid (0.0.2)
      mongo_ext
      mongoid
      sinatra
    thread_safe (0.3.6)
    tilt (2.0.10)
    treetop (1.4.8)
      polyglot (>= 0.3.1)
    tzinfo (1.2.7)
      thread_safe (~> 0.1)

PLATFORMS
  ruby

DEPENDENCIES
  bson_ext
  haml
  mail
  mongoid
  sinatra (>= 1.0)
  sinatra-mongoid (>= 0.0.2)

BUNDLED WITH
   1.17.3
